GEM
  remote: https://rubygems.org/
  specs:
    rake (10.0.3)
    sqlite3 (1.3.7)

PLATFORMS
  ruby

DEPENDENCIES
  rake (= 10.0.3)
  sqlite3 (= 1.3.7)
